PATH
  remote: .
  specs:
    motion-prime (0.1.0)
      bubble-wrap
      cocoapods
      motion-cocoapods
      motion-require
      motion-support
      nano-store
      sugarcube

GEM
  remote: http://rubygems.org/
  specs:
    activesupport (3.2.13)
      i18n (= 0.6.1)
      multi_json (~> 1.0)
    addressable (2.3.5)
    bubble-wrap (1.3.0)
    claide (0.2.0)
    cocoapods (0.19.1)
      activesupport (~> 3.2.13)
      claide (~> 0.2.0)
      cocoapods-core (= 0.19.1)
      cocoapods-downloader (~> 0.1.0)
      colored (~> 1.2)
      escape (~> 0.0.4)
      faraday (~> 0.8.1)
      json (~> 1.7.3)
      octokit (~> 1.7)
      open4 (~> 1.3.0)
      rake (~> 10.0.0)
      xcodeproj (~> 0.5.5)
    cocoapods-core (0.19.1)
      activesupport (~> 3.2.13)
      rake (~> 10.0.0)
    cocoapods-downloader (0.1.1)
    colored (1.2)
    escape (0.0.4)
    faraday (0.8.7)
      multipart-post (~> 1.1)
    faraday_middleware (0.9.0)
      faraday (>= 0.7.4, < 0.9)
    hashie (2.0.5)
    i18n (0.6.1)
    json (1.7.7)
    motion-cocoapods (1.3.2)
      cocoapods (>= 0.17.0)
    motion-redgreen (0.1.0)
    motion-require (0.0.7)
    motion-stump (0.3.0)
    motion-support (0.2.4)
      motion-require (>= 0.0.6)
    multi_json (1.7.7)
    multipart-post (1.2.0)
    nano-store (0.6.3)
      motion-cocoapods (>= 1.2.1)
    netrc (0.7.7)
    octokit (1.25.0)
      addressable (~> 2.2)
      faraday (~> 0.8)
      faraday_middleware (~> 0.9)
      hashie (~> 2.0)
      multi_json (~> 1.3)
      netrc (~> 0.7.7)
    open4 (1.3.0)
    rake (10.0.4)
    sugarcube (0.20.23)
    xcodeproj (0.5.5)
      activesupport (~> 3.2.13)
      colored (~> 1.2)

PLATFORMS
  ruby

DEPENDENCIES
  bubble-wrap (~> 1.3.0)
  cocoapods (~> 0.19.1)
  motion-cocoapods (~> 1.3.2)
  motion-prime!
  motion-redgreen
  motion-stump
  motion-support (~> 0.2.4)
  rake
  sugarcube (~> 0.20.23)
