PATH
  remote: .
  specs:
    motion-prime (1.0.2)
      activesupport
      afmotion (~> 2.1.0)
      bubble-wrap (~> 1.6.0)
      cocoapods
      methadone
      motion-cocoapods
      motion-require
      motion-support (~> 0.2.6)
      rm-digest
      sugarcube (~> 1.6.0)
      thor

GEM
  remote: http://rubygems.org/
  specs:
    activesupport (3.2.17)
      i18n (~> 0.6, >= 0.6.4)
      multi_json (~> 1.0)
    afmotion (2.1.5)
      motion-cocoapods (>= 1.4.1)
      motion-require (>= 0.1)
    bubble-wrap (1.6.0)
      bubble-wrap-http (= 1.6.0)
    bubble-wrap-http (1.6.0)
    claide (0.5.0)
    cocoapods (0.32.1)
      activesupport (>= 3.2.15, < 4)
      claide (~> 0.5.0)
      cocoapods-core (= 0.32.1)
      cocoapods-downloader (~> 0.5.0)
      cocoapods-try (~> 0.2.0)
      colored (~> 1.2)
      escape (~> 0.0.4)
      json_pure (~> 1.8)
      nap (~> 0.7)
      open4 (~> 1.3)
      xcodeproj (~> 0.16.1)
    cocoapods-core (0.32.1)
      activesupport (>= 3.2.15, < 4)
      fuzzy_match (~> 2.0.4)
      json_pure (~> 1.8)
      nap (~> 0.5)
    cocoapods-downloader (0.5.0)
    cocoapods-try (0.2.0)
    colored (1.2)
    escape (0.0.4)
    fuzzy_match (2.0.4)
    i18n (0.6.9)
    json_pure (1.8.1)
    methadone (1.4.0)
      bundler
    motion-cocoapods (1.4.1)
      cocoapods (>= 0.32.1)
    motion-redgreen (0.1.0)
    motion-require (0.2.0)
    motion-stump (0.3.2)
    motion-support (0.2.6)
      motion-require (>= 0.0.6)
    multi_json (1.9.3)
    nap (0.7.0)
    open4 (1.3.3)
    rake (10.3.1)
    rm-digest (0.0.2)
    sugarcube (1.6.3)
    thor (0.19.1)
    xcodeproj (0.16.1)
      activesupport (~> 3.0)
      colored (~> 1.2)

PLATFORMS
  ruby

DEPENDENCIES
  motion-cocoapods (~> 1.4.1)
  motion-prime!
  motion-redgreen
  motion-stump
  rake
